GEM
  remote: https://rubygems.org/
  specs:
    minitest (2.5.1)

PLATFORMS
  ruby

DEPENDENCIES
  minitest
